GIT
  remote: git://github.com/javierjulio/serious.git
  revision: c7aad870fb71428c1ff0d387eb492e2d08070ad5
  branch: javierjulio-master
  specs:
    serious (0.3.2)
      builder (>= 2.1.2)
      sinatra (>= 1.0.0)
      stupid_formatter (>= 0.2.0)

GEM
  remote: https://rubygems.org/
  specs:
    backports (3.6.6)
    builder (3.2.2)
    coderay (1.1.0)
    daemons (1.2.3)
    erubis (2.7.0)
    eventmachine (1.0.8)
    multi_json (1.11.2)
    rack (1.6.4)
    rack-protection (1.5.3)
      rack
    rack-test (0.6.3)
      rack (>= 1.0)
    rake (10.4.2)
    rb-fsevent (0.9.6)
    rdiscount (1.6.8)
    sass (3.4.19)
    shotgun (0.9.1)
      rack (>= 1.0)
    sinatra (1.4.6)
      rack (~> 1.4)
      rack-protection (~> 1.4)
      tilt (>= 1.3, < 3)
    sinatra-contrib (1.4.6)
      backports (>= 2.0)
      multi_json
      rack-protection
      rack-test
      sinatra (~> 1.4.0)
      tilt (>= 1.3, < 3)
    stupid_formatter (0.2.0)
      coderay (>= 0.9.0)
      rdiscount (>= 1.5.0)
    thin (1.6.4)
      daemons (~> 1.0, >= 1.0.9)
      eventmachine (~> 1.0, >= 1.0.4)
      rack (~> 1.0)
    tilt (2.0.1)

PLATFORMS
  ruby

DEPENDENCIES
  erubis
  rake
  rb-fsevent
  rdiscount (~> 1.6.8)
  sass
  serious!
  shotgun
  sinatra-contrib
  thin

BUNDLED WITH
   1.10.6
