GIT
  remote: git://github.com/javierjulio/serious.git
  revision: c7aad870fb71428c1ff0d387eb492e2d08070ad5
  branch: javierjulio-master
  specs:
    serious (0.3.2)
      builder (>= 2.1.2)
      sinatra (>= 1.0.0)
      stupid_formatter (>= 0.2.0)

GEM
  remote: https://rubygems.org/
  specs:
    backports (3.6.4)
    builder (3.2.2)
    coderay (1.1.0)
    daemons (1.1.9)
    dotenv (1.0.2)
    erubis (2.7.0)
    eventmachine (1.0.4)
    foreman (0.77.0)
      dotenv (~> 1.0.2)
      thor (~> 0.19.1)
    multi_json (1.10.1)
    rack (1.6.0)
    rack-protection (1.5.3)
      rack
    rack-test (0.6.3)
      rack (>= 1.0)
    rake (10.4.2)
    rb-fsevent (0.9.4)
    rdiscount (1.6.8)
    sass (3.4.9)
    shotgun (0.9)
      rack (>= 1.0)
    sinatra (1.4.5)
      rack (~> 1.4)
      rack-protection (~> 1.4)
      tilt (~> 1.3, >= 1.3.4)
    sinatra-contrib (1.4.2)
      backports (>= 2.0)
      multi_json
      rack-protection
      rack-test
      sinatra (~> 1.4.0)
      tilt (~> 1.3)
    stupid_formatter (0.2.0)
      coderay (>= 0.9.0)
      rdiscount (>= 1.5.0)
    thin (1.6.3)
      daemons (~> 1.0, >= 1.0.9)
      eventmachine (~> 1.0)
      rack (~> 1.0)
    thor (0.19.1)
    tilt (1.4.1)

PLATFORMS
  ruby

DEPENDENCIES
  erubis
  foreman
  rake
  rb-fsevent
  rdiscount (~> 1.6.8)
  sass
  serious!
  shotgun
  sinatra-contrib
  thin
